PATH
  remote: .
  specs:
    vault-usage-client (0.0.8)
      colorize
      excon
      multi_json

GEM
  remote: https://rubygems.org/
  specs:
    ansi (1.4.3)
    blankslate (2.1.2.4)
    celluloid (0.15.2)
      timers (~> 1.1.0)
    coderay (1.1.0)
    colorize (0.6.0)
    excon (0.27.1)
    ffi (1.9.3)
    formatador (0.2.5)
    guard (2.6.1)
      formatador (>= 0.2.4)
      listen (~> 2.7)
      lumberjack (~> 1.0)
      pry (>= 0.9.12)
      thor (>= 0.18.1)
    guard-minitest (2.3.1)
      guard (~> 2.0)
      minitest (>= 3.0)
    listen (2.7.9)
      celluloid (>= 0.15.2)
      rb-fsevent (>= 0.9.3)
      rb-inotify (>= 0.9)
    logfmt (0.0.4)
      parslet (~> 1.5)
    lumberjack (1.0.9)
    method_source (0.8.2)
    mini_portile (0.6.0)
    minitest (4.7.5)
    multi_json (1.8.1)
    nokogiri (1.6.2.1)
      mini_portile (= 0.6.0)
    parslet (1.6.1)
      blankslate (~> 2.0)
    pry (0.10.0)
      coderay (~> 1.1.0)
      method_source (~> 0.8.1)
      slop (~> 3.4)
    rack (1.5.2)
    rack-test (0.6.2)
      rack (>= 1.0)
    rake (10.1.0)
    rb-fsevent (0.9.4)
    rb-inotify (0.9.5)
      ffi (>= 0.5.0)
    rr (1.1.2)
    scrolls (0.3.8)
    slop (3.5.0)
    thor (0.19.1)
    timers (1.1.0)
    turn (0.9.7)
      ansi
      minitest (~> 4)
    vault-test-tools (0.3.7)
      guard-minitest
      logfmt
      minitest (~> 4.7.4)
      nokogiri
      rack-test
      rr
      turn
    yard (0.8.7.2)

PLATFORMS
  ruby

DEPENDENCIES
  rake
  rr
  scrolls
  vault-test-tools
  vault-usage-client!
  yard
