GIT
  remote: https://github.com/heroku/vault-test-tools.git
  revision: 14b52d0aad51aeefa58b7fc00dde63d5e578cbe8
  specs:
    vault-test-tools (0.2.4)
      minitest
      nokogiri
      rack-perftools_profiler
      rack-test
      rdoc
      redcarpet
      turn
      yard

PATH
  remote: .
  specs:
    vault-usage-client (0.0.5)
      colorize
      excon
      yajl-ruby

GEM
  remote: https://rubygems.org/
  specs:
    ansi (1.4.3)
    colorize (0.5.8)
    excon (0.20.1)
    json (1.7.7)
    minitest (4.7.1)
    nokogiri (1.5.9)
    open4 (1.3.0)
    perftools.rb (2.0.0)
    rack (1.5.2)
    rack-perftools_profiler (0.6.0)
      open4 (~> 1.0)
      perftools.rb (~> 2.0.0)
      rack (~> 1.0)
    rack-test (0.6.2)
      rack (>= 1.0)
    rake (10.0.4)
    rdoc (4.0.1)
      json (~> 1.4)
    redcarpet (2.2.2)
    rr (1.0.5)
    turn (0.9.6)
      ansi
    yajl-ruby (1.1.0)
    yard (0.8.6.1)

PLATFORMS
  ruby

DEPENDENCIES
  rake
  rr
  vault-test-tools (~> 0.2.2)!
  vault-usage-client!
