PATH
  remote: .
  specs:
    vault-usage-client (2.0.0)
      excon
      multi_json
      rainbow

GEM
  remote: https://rubygems.org/
  specs:
    coderay (1.1.3)
    excon (0.99.0)
    logfmt (0.0.10)
    method_source (1.0.0)
    mini_portile2 (2.8.5)
    minitest (5.17.0)
    multi_json (1.15.0)
    nokogiri (1.16.3)
      mini_portile2 (~> 2.8.2)
      racc (~> 1.4)
    pry (0.14.2)
      coderay (~> 1.1)
      method_source (~> 1.0)
    racc (1.7.3)
    rack (2.2.6.2)
    rack-test (1.1.0)
      rack (>= 1.0, < 3)
    rainbow (3.1.1)
    rake (13.0.6)
    rr (1.2.1)
    scrolls (0.9.5)
    vault-test-tools (1.1.0)
      logfmt
      minitest (~> 5.11)
      nokogiri
      rack-test (~> 1.1)
      rr (~> 1.2)
      scrolls
    webrick (1.7.0)
    yard (0.9.28)
      webrick (~> 1.7.0)

PLATFORMS
  ruby

DEPENDENCIES
  pry
  rake
  rr
  scrolls
  vault-test-tools
  vault-usage-client!
  yard

BUNDLED WITH
   2.4.7
