PATH
  remote: .
  specs:
    vault-usage-client (0.0.6)
      colorize
      excon
      multi_json

GEM
  remote: https://rubygems.org/
  specs:
    ansi (1.4.3)
    colorize (0.6.0)
    excon (0.27.1)
    json (1.8.0)
    mini_portile (0.5.1)
    minitest (4.7.4)
    multi_json (1.8.1)
    nokogiri (1.6.0)
      mini_portile (~> 0.5.0)
    open4 (1.3.0)
    perftools.rb (2.0.1)
    rack (1.5.2)
    rack-perftools_profiler (0.6.1)
      open4 (~> 1.0)
      perftools.rb (~> 2.0.1)
      rack (~> 1.0)
    rack-test (0.6.2)
      rack (>= 1.0)
    rake (10.1.0)
    rdoc (4.0.1)
      json (~> 1.4)
    redcarpet (3.0.0)
    rr (1.1.2)
    turn (0.9.6)
      ansi
    vault-test-tools (0.3.4)
      minitest (= 4.7.4)
      nokogiri
      rack-perftools_profiler
      rack-test
      rdoc
      redcarpet
      rr
      turn
      yard
    yard (0.8.7.2)

PLATFORMS
  ruby

DEPENDENCIES
  rake
  rr
  vault-test-tools
  vault-usage-client!
