GIT
  remote: https://github.com/heroku/vault-test-tools.git
  revision: 5eabd67610f279b81cadb803cee8ef704093a05d
  specs:
    vault-test-tools (0.2.2)
      minitest
      nokogiri
      rack-perftools_profiler
      rack-test
      rdoc
      redcarpet
      turn
      yard

PATH
  remote: .
  specs:
    vault-usage-client (0.0.1)
      colorize
      excon
      yajl-ruby

GEM
  remote: http://rubygems.org/
  specs:
    ansi (1.4.3)
    colorize (0.5.8)
    excon (0.16.10)
    json (1.7.6)
    minitest (4.4.0)
    nokogiri (1.5.6)
    open4 (1.3.0)
    perftools.rb (2.0.0)
    rack (1.4.3)
    rack-perftools_profiler (0.6.0)
      open4 (~> 1.0)
      perftools.rb (~> 2.0.0)
      rack (~> 1.0)
    rack-test (0.6.2)
      rack (>= 1.0)
    rake (10.0.3)
    rdoc (3.12)
      json (~> 1.4)
    redcarpet (2.2.2)
    rr (1.0.4)
    turn (0.9.6)
      ansi
    yajl-ruby (1.1.0)
    yard (0.8.3)

PLATFORMS
  ruby

DEPENDENCIES
  rake
  rr
  vault-test-tools (~> 0.2.2)!
  vault-usage-client!
